GEM
  remote: http://rubygems.org/
  specs:
    bson (1.9.2)
    mongo (1.9.2)
      bson (~> 1.9.2)

PLATFORMS
  ruby

DEPENDENCIES
  mongo
